GEM
  remote: https://rubygems.org/
  specs:
    colorize (0.7.7)
    sequel (4.22.0)
    sqlite3 (1.3.10)

PLATFORMS
  ruby

DEPENDENCIES
  colorize
  sequel
  sqlite3
